PATH
  remote: .
  specs:
    blinky (0.0.12)
      cctray (~> 0.0.1)
      libusb (~> 0.2.2)

GEM
  remote: https://rubygems.org/
  specs:
    cctray (0.0.1)
      nokogiri (~> 1.6, >= 1.6.0)
    diff-lcs (1.1.3)
    ffi (1.9.6)
    libusb (0.2.2)
      ffi (>= 1.0)
    mini_portile (0.6.1)
    nokogiri (1.6.5)
      mini_portile (~> 0.6.0)
    rake (10.0.3)
    rspec (2.11.0)
      rspec-core (~> 2.11.0)
      rspec-expectations (~> 2.11.0)
      rspec-mocks (~> 2.11.0)
    rspec-core (2.11.1)
    rspec-expectations (2.11.3)
      diff-lcs (~> 1.1.3)
    rspec-mocks (2.11.3)

PLATFORMS
  ruby

DEPENDENCIES
  blinky!
  rake (~> 10.0.2)
  rspec (~> 2.11.0)
